PATH
  remote: .
  specs:
    fruit_to_lime (2.1.1)
      bundler
      iso_country_codes
      nokogiri
      roo
      thor

GEM
  remote: http://rubygems.org/
  specs:
    diff-lcs (1.2.5)
    iso_country_codes (0.4.2)
    mini_portile (0.5.3)
    nokogiri (1.6.1-x86-mingw32)
      mini_portile (~> 0.5.0)
    rake (10.3.1)
    roo (1.13.2)
      nokogiri
      rubyzip
      spreadsheet (> 0.6.4)
    rspec (2.14.1)
      rspec-core (~> 2.14.0)
      rspec-expectations (~> 2.14.0)
      rspec-mocks (~> 2.14.0)
    rspec-core (2.14.8)
    rspec-expectations (2.14.5)
      diff-lcs (>= 1.1.3, < 2.0)
    rspec-mocks (2.14.6)
    ruby-ole (1.2.11.7)
    rubyzip (1.1.3)
    spreadsheet (0.9.7)
      ruby-ole (>= 1.0)
    thor (0.19.1)

PLATFORMS
  x86-mingw32

DEPENDENCIES
  fruit_to_lime!
  rake
  rspec (>= 2.14)
