PATH
  remote: .
  specs:
    go_import (3.0.12)
      bundler
      global_phone
      iso_country_codes
      nokogiri
      roo
      sixarm_ruby_email_address_validation
      thor

GEM
  remote: http://rubygems.org/
  specs:
    diff-lcs (1.2.5)
    global_phone (1.0.1)
    iso_country_codes (0.5.0)
    mini_portile (0.6.0)
    nokogiri (1.6.3.1-x86-mingw32)
      mini_portile (= 0.6.0)
    rake (10.3.2)
    roo (1.13.2)
      nokogiri
      rubyzip
      spreadsheet (> 0.6.4)
    rspec (3.1.0)
      rspec-core (~> 3.1.0)
      rspec-expectations (~> 3.1.0)
      rspec-mocks (~> 3.1.0)
    rspec-core (3.1.2)
      rspec-support (~> 3.1.0)
    rspec-expectations (3.1.0)
      diff-lcs (>= 1.2.0, < 2.0)
      rspec-support (~> 3.1.0)
    rspec-mocks (3.1.0)
      rspec-support (~> 3.1.0)
    rspec-support (3.1.0)
    ruby-ole (1.2.11.7)
    rubyzip (1.1.6)
    sixarm_ruby_email_address_validation (2.0.0)
    spreadsheet (1.0.0)
      ruby-ole (>= 1.0)
    thor (0.19.1)

PLATFORMS
  x86-mingw32

DEPENDENCIES
  global_phone (= 1.0.1)
  go_import!
  rake
  rspec (>= 2.14)
  sixarm_ruby_email_address_validation (~> 2.0.0)
