PATH
  remote: .
  specs:
    fruit_to_lime (0.8.2)
      bundler
      iso_country_codes
      thor

GEM
  remote: http://rubygems.org/
  specs:
    diff-lcs (1.2.5)
    iso_country_codes (0.4.2)
    mini_portile (0.5.2)
    nokogiri (1.6.1)
      mini_portile (~> 0.5.0)
    nokogiri (1.6.1-x86-mingw32)
      mini_portile (~> 0.5.0)
    rake (10.1.0)
    roo (1.13.0)
      nokogiri
      rubyzip
      spreadsheet (> 0.6.4)
    rspec (2.14.1)
      rspec-core (~> 2.14.0)
      rspec-expectations (~> 2.14.0)
      rspec-mocks (~> 2.14.0)
    rspec-core (2.14.7)
    rspec-expectations (2.14.4)
      diff-lcs (>= 1.1.3, < 2.0)
    rspec-mocks (2.14.4)
    ruby-ole (1.2.11.7)
    rubyzip (1.1.0)
    spreadsheet (0.9.6)
      ruby-ole (>= 1.0)
    thor (0.18.1)

PLATFORMS
  ruby
  x86-mingw32

DEPENDENCIES
  fruit_to_lime!
  rake
  roo
  rspec (>= 2.14)
