PATH
  remote: .
  specs:
    fruit_to_lime (2.1.0)
      bundler
      iso_country_codes
      thor

GEM
  remote: http://rubygems.org/
  specs:
    diff-lcs (1.2.5)
    iso_country_codes (0.4.2)
    rake (10.3.1)
    rspec (2.14.1)
      rspec-core (~> 2.14.0)
      rspec-expectations (~> 2.14.0)
      rspec-mocks (~> 2.14.0)
    rspec-core (2.14.8)
    rspec-expectations (2.14.5)
      diff-lcs (>= 1.1.3, < 2.0)
    rspec-mocks (2.14.6)
    thor (0.19.1)

PLATFORMS
  x86-mingw32

DEPENDENCIES
  fruit_to_lime!
  rake
  rspec (>= 2.14)
