GEM
  remote: http://rubygems.org/
  specs:
    diff-lcs (1.2.5)
    global_phone (1.0.1)
    move-to-go (3.0.18)
      bundler
      global_phone
      iso_country_codes
      nokogiri
      roo
      sixarm_ruby_email_address_validation
      thor
    iso_country_codes (0.6.1)
    mini_portile (0.6.1)
    nokogiri (1.6.4.1-x86-mingw32)
      mini_portile (~> 0.6.0)
    roo (1.13.2)
      nokogiri
      rubyzip
      spreadsheet (> 0.6.4)
    rspec (3.1.0)
      rspec-core (~> 3.1.0)
      rspec-expectations (~> 3.1.0)
      rspec-mocks (~> 3.1.0)
    rspec-core (3.1.7)
      rspec-support (~> 3.1.0)
    rspec-expectations (3.1.2)
      diff-lcs (>= 1.2.0, < 2.0)
      rspec-support (~> 3.1.0)
    rspec-mocks (3.1.3)
      rspec-support (~> 3.1.0)
    rspec-support (3.1.2)
    ruby-ole (1.2.11.7)
    rubyzip (1.1.6)
    sixarm_ruby_email_address_validation (2.0.0)
    spreadsheet (1.0.0)
      ruby-ole (>= 1.0)
    thor (0.19.1)

PLATFORMS
  x86-mingw32

DEPENDENCIES
  move-to-go
  rspec
  rubyzip
  thor
